GIT
  remote: git://github.com/ArtemMikhalev89/gnawrnip.git
  revision: 46a5672bbeb148168e482b72d1a0d9853aac1896
  specs:
    gnawrnip (0.5.0)
      capybara (~> 2.2)
      oily_png
      turnip_formatter (~> 0.6.0.pre.beta.5)

GEM
  remote: http://GemInABox:qwertyasdf@rubygems.cti.ru/
  specs:
    acceptance_testing (0.2.1)
      capybara (~> 2.13)
      chromedriver-helper (~> 1.1.0)
      pry-byebug (~> 3.4.0)
      rake (~> 12.0.0)
      require_all (~> 1.4)
      rspec (~> 3.4)
      selenium-webdriver (~> 3.3)
      site_prism (~> 2.9)
      turnip (~> 3.0.0.pre.beta.5)
    activesupport (4.2.8)
      i18n (~> 0.7)
      minitest (~> 5.1)
      thread_safe (~> 0.3, >= 0.3.4)
      tzinfo (~> 1.1)
    addressable (2.5.0)
      public_suffix (~> 2.0, >= 2.0.2)
    archive-zip (0.7.0)
      io-like (~> 0.3.0)
    byebug (9.0.6)
    capybara (2.13.0)
      addressable
      mime-types (>= 1.16)
      nokogiri (>= 1.3.3)
      rack (>= 1.0.0)
      rack-test (>= 0.5.4)
      xpath (~> 2.0)
    childprocess (0.6.2)
      ffi (~> 1.0, >= 1.0.11)
    chromedriver-helper (1.1.0)
      archive-zip (~> 0.7.0)
      nokogiri (~> 1.6)
    chunky_png (1.3.8)
    coderay (1.1.1)
    colorize (0.8.1)
    diff-lcs (1.3)
    faker (1.6.6)
      i18n (~> 0.5)
    ffaker (2.2.0)
    ffi (1.9.18)
    gherkin (4.1.1)
    i18n (0.8.1)
    io-like (0.3.0)
    method_source (0.8.2)
    mime-types (3.1)
      mime-types-data (~> 3.2015)
    mime-types-data (3.2016.0521)
    mini_portile2 (2.1.0)
    minitest (5.10.1)
    net-sftp (2.1.2)
      net-ssh (>= 2.6.5)
    net-ssh (4.1.0)
    nokogiri (1.7.1)
      mini_portile2 (~> 2.1.0)
    oily_png (1.2.1)
      chunky_png (~> 1.3.7)
    pry (0.10.4)
      coderay (~> 1.1.0)
      method_source (~> 0.8.1)
      slop (~> 3.4)
    pry-byebug (3.4.2)
      byebug (~> 9.0)
      pry (~> 0.10)
    public_suffix (2.0.5)
    rack (2.0.1)
    rack-test (0.6.3)
      rack (>= 1.0)
    rake (12.0.0)
    require_all (1.4.0)
    rspec (3.4.0)
      rspec-core (~> 3.4.0)
      rspec-expectations (~> 3.4.0)
      rspec-mocks (~> 3.4.0)
    rspec-core (3.4.4)
      rspec-support (~> 3.4.0)
    rspec-expectations (3.4.0)
      diff-lcs (>= 1.2.0, < 2.0)
      rspec-support (~> 3.4.0)
    rspec-mocks (3.4.1)
      diff-lcs (>= 1.2.0, < 2.0)
      rspec-support (~> 3.4.0)
    rspec-support (3.4.1)
    rubyzip (1.2.1)
    selenium-webdriver (3.3.0)
      childprocess (~> 0.5)
      rubyzip (~> 1.0)
      websocket (~> 1.0)
    site_prism (2.9)
      addressable (>= 2.3.3, < 3.0)
      capybara (>= 2.1, < 3.0)
    slim (3.0.7)
      temple (~> 0.7.6)
      tilt (>= 1.3.3, < 2.1)
    slop (3.6.0)
    temple (0.7.7)
    thread_safe (0.3.6)
    tilt (2.0.7)
    turnip (3.0.0.pre.beta.5)
      gherkin (~> 4.0)
      rspec (>= 3.0, < 4.0)
    turnip_formatter (0.6.0.pre.beta.5)
      activesupport (~> 4.2.7)
      rspec (>= 3.3, < 3.5)
      slim
      turnip (~> 3.0.0.pre.beta.4)
    tzinfo (1.2.2)
      thread_safe (~> 0.1)
    websocket (1.2.4)
    xpath (2.0.0)
      nokogiri (~> 1.3)

PLATFORMS
  ruby

DEPENDENCIES
  acceptance_testing (= 0.2.1)
  colorize
  faker (~> 1.6.3)
  ffaker (~> 2.2.0)
  gnawrnip!
  net-sftp (~> 2.1, >= 2.1.2)
  turnip_formatter (~> 0.6.0.pre.beta.5)

BUNDLED WITH
   1.14.6
